PATH
  remote: .
  specs:
    s3cp (1.1.0.pre.3)
      aws-sdk (~> 1.6.3)
      extensions (~> 0.6)
      highline (~> 1.5.1)
      progressbar (~> 0.10.0)

GEM
  remote: http://rubygems.org/
  specs:
    aws-sdk (1.6.4)
      httparty (~> 0.7)
      json (~> 1.4)
      nokogiri (>= 1.4.4)
      uuidtools (~> 2.1)
    diff-lcs (1.1.3)
    extensions (0.6.0)
    highline (1.5.2)
    httparty (0.8.3)
      multi_json (~> 1.0)
      multi_xml
    json (1.7.5)
    multi_json (1.3.6)
    multi_xml (0.5.1)
    nokogiri (1.5.5)
    progressbar (0.10.0)
    rake (0.8.7)
    rspec (2.5.0)
      rspec-core (~> 2.5.0)
      rspec-expectations (~> 2.5.0)
      rspec-mocks (~> 2.5.0)
    rspec-core (2.5.2)
    rspec-expectations (2.5.0)
      diff-lcs (~> 1.1.2)
    rspec-mocks (2.5.0)
    uuidtools (2.1.3)

PLATFORMS
  ruby

DEPENDENCIES
  rake (~> 0.8.7)
  rspec (~> 2.5.0)
  s3cp!
