PATH
  remote: .
  specs:
    s3cp (1.1.42)
      aws-sdk (= 1.67.0)
      extensions (~> 0.6)
      highline (>= 1.5.1)
      nokogiri (>= 1.8.4, < 1.13.0)
      progressbar (~> 0.10.0)

GEM
  remote: http://rubygems.org/
  specs:
    aws-sdk (1.67.0)
      aws-sdk-v1 (= 1.67.0)
    aws-sdk-v1 (1.67.0)
      json (~> 1.4)
      nokogiri (~> 1)
    diff-lcs (1.1.3)
    extensions (0.6.0)
    highline (2.0.3)
    json (1.8.6)
    mini_portile2 (2.6.1)
    nokogiri (1.12.5)
      mini_portile2 (~> 2.6.1)
      racc (~> 1.4)
    progressbar (0.10.0)
    racc (1.5.2)
    rake (0.8.7)
    rspec (2.5.0)
      rspec-core (~> 2.5.0)
      rspec-expectations (~> 2.5.0)
      rspec-mocks (~> 2.5.0)
    rspec-core (2.5.2)
    rspec-expectations (2.5.0)
      diff-lcs (~> 1.1.2)
    rspec-mocks (2.5.0)

PLATFORMS
  ruby

DEPENDENCIES
  rake (~> 0.8.7)
  rspec (~> 2.5.0)
  s3cp!

BUNDLED WITH
   1.16.4
