PATH
  remote: .
  specs:
    s3cp (1.1.39)
      aws-sdk (~> 1.63.0)
      extensions (~> 0.6)
      highline (>= 1.5.1)
      nokogiri (~> 1.6.6.2)
      progressbar (~> 0.10.0)

GEM
  remote: http://rubygems.org/
  specs:
    aws-sdk (1.63.0)
      aws-sdk-v1 (= 1.63.0)
    aws-sdk-v1 (1.63.0)
      json (~> 1.4)
      nokogiri (>= 1.4.4)
    diff-lcs (1.1.3)
    extensions (0.6.0)
    highline (1.7.1)
    json (1.8.2)
    mini_portile (0.6.2)
    nokogiri (1.6.6.2)
      mini_portile (~> 0.6.0)
    progressbar (0.10.0)
    rake (0.8.7)
    rspec (2.5.0)
      rspec-core (~> 2.5.0)
      rspec-expectations (~> 2.5.0)
      rspec-mocks (~> 2.5.0)
    rspec-core (2.5.2)
    rspec-expectations (2.5.0)
      diff-lcs (~> 1.1.2)
    rspec-mocks (2.5.0)

PLATFORMS
  ruby

DEPENDENCIES
  rake (~> 0.8.7)
  rspec (~> 2.5.0)
  s3cp!
