PATH
  remote: .
  specs:
    s3cp (1.0.2)
      aboisvert_aws (~> 3.0.0)
      extensions (~> 0.6)
      highline (~> 1.5.1)
      progressbar (~> 0.10.0)
      right_http_connection (~> 1.3.0)

GEM
  remote: http://rubygems.org/
  specs:
    aboisvert_aws (3.0.1)
      right_http_connection (>= 1.2.5)
    diff-lcs (1.1.3)
    extensions (0.6.0)
    highline (1.5.2)
    progressbar (0.10.0)
    rake (0.8.7)
    right_http_connection (1.3.0)
    rspec (2.5.0)
      rspec-core (~> 2.5.0)
      rspec-expectations (~> 2.5.0)
      rspec-mocks (~> 2.5.0)
    rspec-core (2.5.2)
    rspec-expectations (2.5.0)
      diff-lcs (~> 1.1.2)
    rspec-mocks (2.5.0)

PLATFORMS
  ruby

DEPENDENCIES
  rake (~> 0.8.7)
  rspec (~> 2.5.0)
  s3cp!
